GEM
  remote: https://rubygems.org/
  specs:
    activemodel (6.1.3.2)
      activesupport (= 6.1.3.2)
    activesupport (6.1.3.2)
      concurrent-ruby (~> 1.0, >= 1.0.2)
      i18n (>= 1.6, < 2)
      minitest (>= 5.1)
      tzinfo (~> 2.0)
      zeitwerk (~> 2.3)
    addressable (2.7.0)
      public_suffix (>= 2.0.2, < 5.0)
    aes_key_wrap (1.1.0)
    amq-protocol (2.3.2)
    attr_required (1.0.1)
    aws-eventstream (1.1.1)
    aws-partitions (1.466.0)
    aws-sdk-cloudwatchlogs (1.41.0)
      aws-sdk-core (~> 3, >= 3.112.0)
      aws-sigv4 (~> 1.1)
    aws-sdk-core (3.114.2)
      aws-eventstream (~> 1, >= 1.0.2)
      aws-partitions (~> 1, >= 1.239.0)
      aws-sigv4 (~> 1.1)
      jmespath (~> 1.0)
    aws-sdk-firehose (1.37.0)
      aws-sdk-core (~> 3, >= 3.112.0)
      aws-sigv4 (~> 1.1)
    aws-sdk-kinesis (1.32.0)
      aws-sdk-core (~> 3, >= 3.112.0)
      aws-sigv4 (~> 1.1)
    aws-sdk-kms (1.43.0)
      aws-sdk-core (~> 3, >= 3.112.0)
      aws-sigv4 (~> 1.1)
    aws-sdk-s3 (1.96.0)
      aws-sdk-core (~> 3, >= 3.112.0)
      aws-sdk-kms (~> 1)
      aws-sigv4 (~> 1.1)
    aws-sdk-sqs (1.39.0)
      aws-sdk-core (~> 3, >= 3.112.0)
      aws-sigv4 (~> 1.1)
    aws-sigv4 (1.2.3)
      aws-eventstream (~> 1, >= 1.0.2)
    azure-loganalytics-datacollector-api (0.5.0)
      rest-client
    bindata (2.4.10)
    bson (4.12.1)
    bunny (2.18.0)
      amq-protocol (~> 2.3, >= 2.3.1)
      sorted_set (~> 1, >= 1.0.2)
    concurrent-ruby (1.1.9)
    connection_pool (2.2.5)
    cool.io (1.7.1)
    digest-crc (0.6.3)
      rake (>= 12.0.0, < 14.0.0)
    docker-api (2.1.0)
      excon (>= 0.47.0)
      multi_json
    domain_name (0.5.20190701)
      unf (>= 0.0.5, < 1.0.0)
    elasticsearch (7.13.1)
      elasticsearch-api (= 7.13.1)
      elasticsearch-transport (= 7.13.1)
    elasticsearch-api (7.13.1)
      multi_json
    elasticsearch-transport (7.13.1)
      faraday (~> 1)
      multi_json
    excon (0.82.0)
    faraday (1.4.2)
      faraday-em_http (~> 1.0)
      faraday-em_synchrony (~> 1.0)
      faraday-excon (~> 1.1)
      faraday-net_http (~> 1.0)
      faraday-net_http_persistent (~> 1.1)
      multipart-post (>= 1.2, < 3)
      ruby2_keywords (>= 0.0.4)
    faraday-em_http (1.0.0)
    faraday-em_synchrony (1.0.0)
    faraday-excon (1.1.0)
    faraday-net_http (1.0.1)
    faraday-net_http_persistent (1.1.0)
    ffi (1.15.1)
    ffi-compiler (1.0.1)
      ffi (>= 1.0.0)
      rake
    fluent-config-regexp-type (1.0.0)
      fluentd (> 1.0.0, < 2)
    fluent-mixin-config-placeholders (0.4.0)
      fluentd
      uuidtools (>= 2.1.5)
    fluent-plugin-amqp (0.14.0)
      bunny (>= 1.7, < 3)
      fluentd (>= 0.14.8, < 2)
    fluent-plugin-azure-loganalytics (0.7.0)
      azure-loganalytics-datacollector-api (>= 0.5.0)
      fluentd (>= 0.14.15, < 2)
      rest-client
      yajl-ruby
    fluent-plugin-cloudwatch-logs (0.14.0)
      aws-sdk-cloudwatchlogs (~> 1.0)
      fluentd (>= 1.8.0)
    fluent-plugin-concat (2.5.0)
      fluentd (>= 0.14.0, < 2)
    fluent-plugin-datadog (0.13.0)
      fluentd (>= 1, < 2)
      net-http-persistent (~> 3.1)
    fluent-plugin-detect-exceptions (0.0.13)
      fluentd (>= 0.10)
    fluent-plugin-elasticsearch (5.0.4)
      elasticsearch
      excon
      fluentd (>= 0.14.22)
    fluent-plugin-gelf-hs (1.0.8)
      fluentd
      gelf (>= 2.0.0)
    fluent-plugin-grafana-loki (1.2.16)
      fluentd (>= 1.9.3, < 2)
    fluent-plugin-grok-parser (2.6.2)
      fluentd (>= 0.14.6, < 2)
    fluent-plugin-json-in-json-2 (1.0.2)
      fluentd (>= 0.14.0, < 2)
      yajl-ruby (~> 1.0)
    fluent-plugin-kafka (0.16.3)
      fluentd (>= 0.10.58, < 2)
      ltsv
      ruby-kafka (>= 1.2.0, < 2)
    fluent-plugin-kinesis (3.4.0)
      aws-sdk-firehose (~> 1, != 1.9, != 1.5, != 1.15)
      aws-sdk-kinesis (~> 1, != 1.5, != 1.4, != 1.14)
      fluentd (>= 0.14.22, < 2)
      google-protobuf (~> 3)
    fluent-plugin-kubernetes (0.3.1)
      docker-api
      fluentd
    fluent-plugin-kubernetes_metadata_filter (2.7.1)
      fluentd (>= 0.14.0, < 1.14)
      kubeclient (< 5)
      lru_redux
    fluent-plugin-kubernetes_sumologic (2.4.2)
      fluentd (>= 0.14.12)
      httpclient (~> 2.8.0)
    fluent-plugin-logentries (0.2.10)
    fluent-plugin-loggly (0.1.0.pre)
      net-http-persistent (>= 2.7)
      yajl-ruby (>= 1.0)
    fluent-plugin-logzio (0.0.21)
      fluentd (>= 0.14.0, < 2)
      net-http-persistent (~> 3.0)
    fluent-plugin-mail (0.3.0)
      fluentd (>= 0.12.0)
    fluent-plugin-mongo (1.5.0)
      fluentd (>= 0.14.22, < 2)
      mongo (~> 2.6.0)
    fluent-plugin-multi-format-parser (1.0.0)
      fluentd (>= 0.14.0, < 2)
    fluent-plugin-mysqlslowquery (0.0.9)
      fluentd (>= 0.12.0, < 2)
      myslog (~> 0.0)
    fluent-plugin-out-http (1.3.3)
      fluentd (>= 0.14.22, < 2)
      yajl-ruby (~> 1.0)
    fluent-plugin-papertrail (0.2.8)
      fluent-mixin-config-placeholders (~> 0.4.0)
      fluentd (>= 0.10, < 2)
    fluent-plugin-prometheus (1.8.5)
      fluentd (>= 1.9.1, < 2)
      prometheus-client (< 0.10)
    fluent-plugin-record-modifier (2.1.0)
      fluentd (>= 1.0, < 2)
    fluent-plugin-record-reformer (0.9.1)
      fluentd
    fluent-plugin-redis (0.3.5)
      fluentd (>= 0.14.22, < 2)
      redis (~> 3.3.0)
    fluent-plugin-remote_syslog (1.0.0)
      fluentd
      remote_syslog_sender (>= 1.1.1)
    fluent-plugin-rewrite-tag-filter (2.4.0)
      fluent-config-regexp-type
      fluentd (>= 0.14.2, < 2)
    fluent-plugin-route (1.0.0)
      fluentd (>= 0.14.0)
    fluent-plugin-s3 (1.6.0)
      aws-sdk-s3 (~> 1.60)
      aws-sdk-sqs (~> 1.23)
      fluentd (>= 0.14.22, < 2)
    fluent-plugin-secure-forward (0.4.5)
      fluentd (>= 0.10.46)
      proxifier
      resolve-hostname
    fluent-plugin-splunk-hec (1.2.5)
      fluentd (>= 1.4)
      multi_json (~> 1.13)
      net-http-persistent (~> 3.1)
      openid_connect (~> 1.1.8)
      prometheus-client (< 0.10.0)
    fluent-plugin-splunkhec (2.0)
      fluentd (>= 0.14.15, < 2)
      yajl-ruby (>= 1.3.0)
    fluent-plugin-sumologic_output (1.7.2)
      fluentd (>= 0.14.12)
      httpclient (~> 2.8.0)
    fluent-plugin-systemd (1.0.5)
      fluentd (>= 0.14.11, < 2)
      systemd-journal (~> 1.4.2)
    fluent-plugin-uri-parser (0.3.0)
      addressable
      fluentd (>= 0.14.0, < 2)
    fluent-plugin-verticajson (0.0.6)
      fluentd (>= 0.14.22, < 2)
      json
      vertica
    fluent-plugin-vmware-log-intelligence (2.0.6)
      fluent-plugin-mysqlslowquery (>= 0.0.9)
      fluentd (>= 0.14.20)
      http (>= 0.9.8)
      myslog (~> 0.0)
    fluent-plugin-vmware-loginsight (1.0.0)
      fluentd (>= 0.14.10, < 2)
    fluentd (1.13.0)
      bundler
      cool.io (>= 1.4.5, < 2.0.0)
      http_parser.rb (>= 0.5.1, < 0.7.0)
      msgpack (>= 1.3.1, < 2.0.0)
      serverengine (>= 2.2.2, < 3.0.0)
      sigdump (~> 0.2.2)
      strptime (>= 0.2.2, < 1.0.0)
      tzinfo (>= 1.0, < 3.0)
      tzinfo-data (~> 1.0)
      webrick (>= 1.4.2, < 1.8.0)
      yajl-ruby (~> 1.0)
    gelf (3.1.0)
      json
    google-protobuf (3.17.3-universal-darwin)
    http (5.0.0)
      addressable (~> 2.3)
      http-cookie (~> 1.0)
      http-form_data (~> 2.2)
      llhttp-ffi (~> 0.0.1)
    http-accept (1.7.0)
    http-cookie (1.0.4)
      domain_name (~> 0.5)
    http-form_data (2.3.0)
    http_parser.rb (0.6.0)
    httpclient (2.8.3)
    i18n (1.8.10)
      concurrent-ruby (~> 1.0)
    jmespath (1.4.0)
    json (2.5.1)
    json-jwt (1.13.0)
      activesupport (>= 4.2)
      aes_key_wrap
      bindata
    kubeclient (1.0.0)
      activesupport
      json
      recursive-open-struct (= 1.0.0)
      rest-client
    llhttp-ffi (0.0.1)
      ffi-compiler (~> 1.0)
      rake (~> 13.0)
    logfmt (0.0.9)
    lru_redux (1.1.0)
    ltsv (0.1.2)
    mail (2.7.1)
      mini_mime (>= 0.1.1)
    mime-types (3.3.1)
      mime-types-data (~> 3.2015)
    mime-types-data (3.2021.0225)
    mini_mime (1.1.0)
    minitest (5.14.4)
    mongo (2.6.4)
      bson (>= 4.3.0, < 5.0.0)
    msgpack (1.4.2)
    multi_json (1.15.0)
    multipart-post (2.1.1)
    myslog (0.1.1)
    net-http-persistent (3.1.0)
      connection_pool (~> 2.2)
    netrc (0.11.0)
    openid_connect (1.1.8)
      activemodel
      attr_required (>= 1.0.0)
      json-jwt (>= 1.5.0)
      rack-oauth2 (>= 1.6.1)
      swd (>= 1.0.0)
      tzinfo
      validate_email
      validate_url
      webfinger (>= 1.0.1)
    prometheus-client (0.9.0)
      quantile (~> 0.2.1)
    proxifier (1.0.3)
    public_suffix (4.0.6)
    quantile (0.2.1)
    rack (2.2.3)
    rack-oauth2 (1.17.0)
      activesupport
      attr_required
      httpclient
      json-jwt (>= 1.11.0)
      rack (>= 2.1.0)
    rake (13.0.3)
    rbtree (0.4.4)
    recursive-open-struct (1.0.0)
    redis (3.3.5)
    remote_syslog_sender (1.2.1)
      syslog_protocol
    resolve-hostname (0.1.0)
    rest-client (2.1.0)
      http-accept (>= 1.7.0, < 2.0)
      http-cookie (>= 1.0.2, < 2.0)
      mime-types (>= 1.16, < 4.0)
      netrc (~> 0.8)
    ruby-kafka (1.3.0)
      digest-crc
    ruby2_keywords (0.0.4)
    serverengine (2.2.4)
      sigdump (~> 0.2.2)
    set (1.0.1)
    sigdump (0.2.4)
    sorted_set (1.0.3)
      rbtree
      set (~> 1.0)
    strptime (0.2.5)
    swd (1.2.0)
      activesupport (>= 3)
      attr_required (>= 0.0.5)
      httpclient (>= 2.4)
    syslog_protocol (0.9.2)
    systemd-journal (1.4.2)
      ffi (~> 1.9)
    tzinfo (2.0.4)
      concurrent-ruby (~> 1.0)
    tzinfo-data (1.2021.1)
      tzinfo (>= 1.0.0)
    unf (0.1.4)
      unf_ext
    unf_ext (0.0.7.7)
    uuidtools (2.2.0)
    validate_email (0.1.6)
      activemodel (>= 3.0)
      mail (>= 2.2.5)
    validate_url (1.0.13)
      activemodel (>= 3.0.0)
      public_suffix
    vertica (1.0.3)
    webfinger (1.1.0)
      activesupport
      httpclient (>= 2.4)
    webrick (1.7.0)
    yajl-ruby (1.4.1)
    zeitwerk (2.4.2)

PLATFORMS
  x86_64-darwin-20

DEPENDENCIES
  ffi (= 1.15.1)
  fluent-plugin-amqp (= 0.14.0)
  fluent-plugin-azure-loganalytics (= 0.7.0)
  fluent-plugin-cloudwatch-logs (= 0.14.0)
  fluent-plugin-concat (= 2.5.0)
  fluent-plugin-datadog (= 0.13.0)
  fluent-plugin-detect-exceptions (= 0.0.13)
  fluent-plugin-elasticsearch (= 5.0.4)
  fluent-plugin-gelf-hs (= 1.0.8)
  fluent-plugin-grafana-loki (= 1.2.16)
  fluent-plugin-grok-parser (= 2.6.2)
  fluent-plugin-json-in-json-2 (= 1.0.2)
  fluent-plugin-kafka (= 0.16.3)
  fluent-plugin-kinesis (= 3.4.0)
  fluent-plugin-kubernetes (= 0.3.1)
  fluent-plugin-kubernetes_metadata_filter (= 2.7.1)
  fluent-plugin-kubernetes_sumologic (= 2.4.2)
  fluent-plugin-logentries (= 0.2.10)
  fluent-plugin-loggly (= 0.1.0.pre)
  fluent-plugin-logzio (= 0.0.21)
  fluent-plugin-mail (= 0.3.0)
  fluent-plugin-mongo (= 1.5.0)
  fluent-plugin-multi-format-parser (= 1.0.0)
  fluent-plugin-mysqlslowquery (= 0.0.9)
  fluent-plugin-out-http (= 1.3.3)
  fluent-plugin-papertrail (= 0.2.8)
  fluent-plugin-prometheus (= 1.8.5)
  fluent-plugin-record-modifier (= 2.1.0)
  fluent-plugin-record-reformer (= 0.9.1)
  fluent-plugin-redis (= 0.3.5)
  fluent-plugin-remote_syslog (= 1.0.0)
  fluent-plugin-rewrite-tag-filter (= 2.4.0)
  fluent-plugin-route (= 1.0.0)
  fluent-plugin-s3 (= 1.6.0)
  fluent-plugin-secure-forward (= 0.4.5)
  fluent-plugin-splunk-hec (= 1.2.5)
  fluent-plugin-splunkhec (= 2.0)
  fluent-plugin-sumologic_output (= 1.7.2)
  fluent-plugin-systemd (= 1.0.5)
  fluent-plugin-uri-parser (= 0.3.0)
  fluent-plugin-verticajson (= 0.0.6)
  fluent-plugin-vmware-log-intelligence (= 2.0.6)
  fluent-plugin-vmware-loginsight (= 1.0.0)
  fluentd (~> 1.13.0)
  gelf (= 3.1.0)
  logfmt (= 0.0.9)

BUNDLED WITH
   2.2.19
